GEM
  remote: http://gems.rubyforge.org/
  specs:
    activesupport (2.3.10)
    builder (3.0.0)
    capybara (1.0.0.rc1)
      mime-types (>= 1.16)
      nokogiri (>= 1.3.3)
      rack (>= 1.0.0)
      rack-test (>= 0.5.4)
      selenium-webdriver (~> 0.2.0)
      xpath (~> 0.1.4)
    childprocess (0.1.9)
      ffi (~> 1.0.6)
    columnize (0.3.2)
    cucumber (0.10.0)
      builder (>= 2.1.2)
      diff-lcs (~> 1.1.2)
      gherkin (~> 2.3.2)
      json (~> 1.4.6)
      term-ansicolor (~> 1.0.5)
    diff-lcs (1.1.2)
    ffi (1.0.9)
    ffi (1.0.9-java)
    gherkin (2.3.3)
      json (~> 1.4.6)
    gherkin (2.3.3-java)
      json (~> 1.4.6)
    gizmo (0.1.1)
      activesupport (~> 2.3.5)
      nokogiri (>= 1.4.1)
      tilt (>= 1.0.1)
    json (1.4.6)
    json (1.4.6-java)
    json_pure (1.5.2)
    linecache (0.43)
    mime-types (1.16)
    net-sftp (2.0.5)
      net-ssh (>= 2.0.9)
    net-ssh (2.0.23)
    nokogiri (1.4.4)
    nokogiri (1.4.4-java)
      weakling (>= 0.0.3)
    rack (1.3.0)
    rack-test (0.6.0)
      rack (>= 1.0)
    rainbow (1.1)
    rake (0.8.7)
    rspec (1.3.0)
    ruby-debug (0.10.4)
      columnize (>= 0.1)
      ruby-debug-base (~> 0.10.4.0)
    ruby-debug-base (0.10.4)
      linecache (>= 0.3)
    ruby-debug-base (0.10.4-java)
    rubyzip (0.9.4)
    selenium-webdriver (0.2.1)
      childprocess (>= 0.1.7)
      ffi (>= 1.0.7)
      json_pure
      rubyzip
    term-ansicolor (1.0.5)
    tilt (1.1)
    weakling (0.0.4-java)
    xpath (0.1.4)
      nokogiri (~> 1.3)

PLATFORMS
  java
  ruby

DEPENDENCIES
  capybara (= 1.0.0.rc1)
  cucumber (= 0.10.0)
  gizmo (= 0.1.1)
  net-sftp (= 2.0.5)
  rainbow
  rake (= 0.8.7)
  rspec (= 1.3.0)
  ruby-debug
  selenium-webdriver (= 0.2.1)
  win32console (= 1.3.0)
